GEM
  remote: https://rubygems.org/
  specs:
    eth (0.5.12)
      forwardable (~> 1.3)
      keccak (~> 1.3)
      konstructor (~> 1.0)
      openssl (>= 2.2, < 4.0)
      rbsecp256k1 (~> 6.0)
      scrypt (~> 3.0)
    ffi (1.17.0)
    ffi (1.17.0-x86_64-darwin)
    ffi-compiler (1.3.2)
      ffi (>= 1.15.5)
      rake
    forwardable (1.3.3)
    keccak (1.3.1)
    konstructor (1.0.2)
    mini_portile2 (2.8.7)
    openssl (3.2.0)
    pkg-config (1.5.7)
    rake (13.2.1)
    rbsecp256k1 (6.0.0)
      mini_portile2 (~> 2.8)
      pkg-config (~> 1.5)
      rubyzip (~> 2.3)
    rubyzip (2.3.2)
    scrypt (3.0.8)
      ffi-compiler (>= 1.0, < 2.0)
      rake (>= 9, < 14)

PLATFORMS
  ruby
  x86_64-darwin-23

DEPENDENCIES
  eth

RUBY VERSION
   ruby 3.3.5p100

BUNDLED WITH
   2.5.19
